PATH
  remote: .
  specs:
    pagy (0.3.0)

GEM
  remote: https://rubygems.org/
  specs:
    benchmark-ips (2.7.2)
    haml (5.0.4)
      temple (>= 0.8.0)
      tilt
    kalibera (0.1)
      memoist (~> 0.11.0)
      rbzip2 (~> 0.2.0)
    memoist (0.11.0)
    memory_profiler (0.9.8)
    minitest (5.11.3)
    rake (10.5.0)
    rbzip2 (0.2.0)
    slim (3.0.9)
      temple (>= 0.7.6, < 0.9)
      tilt (>= 1.3.3, < 2.1)
    temple (0.8.0)
    tilt (2.0.8)

PLATFORMS
  ruby

DEPENDENCIES
  benchmark-ips
  bundler (~> 1.16)
  haml
  kalibera
  memory_profiler
  minitest (~> 5.0)
  pagy!
  rake (~> 10.0)
  slim

BUNDLED WITH
   1.16.1
